GEM
  remote: https://rubygems.org/
  specs:
    Ascii85 (1.0.2)
    addressable (2.5.0)
      public_suffix (~> 2.0, >= 2.0.2)
    afm (0.2.2)
    diff-lcs (1.2.5)
    hashery (2.1.2)
    json-schema (2.7.0)
      addressable (>= 2.4)
    pdf-core (0.6.1)
    pdf-reader (1.4.0)
      Ascii85 (~> 1.0.0)
      afm (~> 0.2.1)
      hashery (~> 2.0)
      ruby-rc4
      ttfunk
    prawn (2.1.0)
      pdf-core (~> 0.6.1)
      ttfunk (~> 1.4.0)
    prawn-table (0.2.2)
      prawn (>= 1.3.0, < 3.0.0)
    public_suffix (2.0.4)
    rodolfo (2.1.1)
      json-schema (~> 2.7)
      pdf-reader (~> 1.4.0, >= 1.4.0)
      prawn (~> 2.1.0, >= 2.1.0)
      prawn-table (~> 0.2.2)
      thor (~> 0.19.1)
    rspec (3.5.0)
      rspec-core (~> 3.5.0)
      rspec-expectations (~> 3.5.0)
      rspec-mocks (~> 3.5.0)
    rspec-core (3.5.4)
      rspec-support (~> 3.5.0)
    rspec-expectations (3.5.0)
      diff-lcs (>= 1.2.0, < 2.0)
      rspec-support (~> 3.5.0)
    rspec-mocks (3.5.0)
      diff-lcs (>= 1.2.0, < 2.0)
      rspec-support (~> 3.5.0)
    rspec-support (3.5.0)
    ruby-rc4 (0.1.5)
    thor (0.19.1)
    ttfunk (1.4.0)

PLATFORMS
  ruby

DEPENDENCIES
  rodolfo (~> 2.1.1)
  rspec

BUNDLED WITH
   1.13.5
